GIT
  remote: git://git.yoomee.com:4321/gems/yoomee.git
  revision: 97e0aae289bfa1111722f37220588fc8afff78e9
  branch: rails3
  specs:
    yoomee (0.0.1)
      engineyard (~> 1.4.22)
      git (~> 1.2.5)
      net-ssh
      rails (~> 3.1.0)

GIT
  remote: git://github.com/cgunther/formtastic-bootstrap.git
  revision: 3428fef4f7870b01241d65893b882ad32cfc18d8
  branch: bootstrap-2
  tag: 0.1
  specs:
    formtastic-bootstrap (1.2.0)
      formtastic
      rails (>= 3.1.0)


PATH
  remote: vendor/gems
  specs:
    ym_cms (0.0.1)
      mercury-rails (~> 0.3.1)
      rack-cache
      rails (~> 3.1.0)
      ym_core
      ym_permalinks
      ym_videos
    ym_core (0.1)
      bootstrap-will_paginate (~> 0.0.6)
      dragonfly (~> 0.9.10)
      formtastic (~> 2.0.2)
      haml
      jquery-rails
      rails (~> 3.1.0)
      rails_config (~> 0.2.6)
      rinku
      truncate_html
      will_paginate (~> 3.0.3)
      yoomee-decent_exposure
    ym_enquiries (0.0.1)
      rails (~> 3.1.0)
      ym_core
    ym_links (0.0.1)
      cocoon
      rails (~> 3.1.0)
    ym_permalinks (0.0.1)
      rails (~> 3.1.0)
      stringex (~> 1.3.2)
      ym_core
    ym_posts (0.0.1)
      jquery-rails
      rails (~> 3.1.0)
      remotipart (~> 1.0)
      ym_core
      ym_tags
      ym_users
      ym_videos
    ym_search (0.0.1)
      rails (~> 3.1.0)
      thinking-sphinx (~> 2.0.10)
      ym_core
    ym_tags (0.0.1)
      acts-as-taggable-on (~> 2.2.2)
      rails (~> 3.1.0)
      rails3-jquery-autocomplete
    ym_users (0.0.1)
      cancan
      devise (~> 2.1.0)
      rails (~> 3.1.0)
      ym_core
    ym_videos (0.0.1)
      rails (~> 3.1.0)
      video_info

PATH
  remote: ~/Rails/Gems/ym_activity
  specs:
    ym_activity (0.0.1)
      rails (~> 3.1.0)
      ym_core
      ym_users

GEM
  remote: http://rubygems.org/
  remote: https://yoomee:wLjuGMTu30AvxVyIrq3datc73LVUkvo@gems.yoomee.com/
  specs:
    actionmailer (3.1.0)
      actionpack (= 3.1.0)
      mail (~> 2.3.0)
    actionpack (3.1.0)
      activemodel (= 3.1.0)
      activesupport (= 3.1.0)
      builder (~> 3.0.0)
      erubis (~> 2.7.0)
      i18n (~> 0.6)
      rack (~> 1.3.2)
      rack-cache (~> 1.0.3)
      rack-mount (~> 0.8.2)
      rack-test (~> 0.6.1)
      sprockets (~> 2.0.0)
    activemodel (3.1.0)
      activesupport (= 3.1.0)
      bcrypt-ruby (~> 3.0.0)
      builder (~> 3.0.0)
      i18n (~> 0.6)
    activerecord (3.1.0)
      activemodel (= 3.1.0)
      activesupport (= 3.1.0)
      arel (~> 2.2.1)
      tzinfo (~> 0.3.29)
    activeresource (3.1.0)
      activemodel (= 3.1.0)
      activesupport (= 3.1.0)
    activesupport (3.1.0)
      multi_json (~> 1.0)
    acts-as-taggable-on (2.2.2)
      rails (~> 3.0)
    addressable (2.2.8)
    archive-tar-minitar (0.5.2)
    arel (2.2.3)
    bcrypt-ruby (3.0.1)
    bootstrap-will_paginate (0.0.7)
      will_paginate
    builder (3.0.0)
    cancan (1.6.8)
    capybara (1.1.2)
      mime-types (>= 1.16)
      nokogiri (>= 1.3.3)
      rack (>= 1.0.0)
      rack-test (>= 0.5.4)
      selenium-webdriver (~> 2.0)
      xpath (~> 0.1.4)
    childprocess (0.3.1)
      ffi (~> 1.0.6)
    cocoon (1.0.21)
    coffee-rails (3.1.1)
      coffee-script (>= 2.2.0)
      railties (~> 3.1.0)
    coffee-script (2.2.0)
      coffee-script-source
      execjs
    coffee-script-source (1.2.0)
    columnize (0.3.6)
    country-select (1.1.1)
    devise (2.1.2)
      bcrypt-ruby (~> 3.0)
      orm_adapter (~> 0.1)
      railties (~> 3.1)
      warden (~> 1.2.1)
    diff-lcs (1.1.3)
    dragonfly (0.9.12)
      rack
    engineyard (1.4.29)
      engineyard-serverside-adapter (= 1.6.4)
      escape (~> 0.0.4)
      highline (~> 1.6.1)
      json_pure
      launchy (= 2.0.5)
      net-ssh (~> 2.2.1)
      rest-client (~> 1.6.0)
    engineyard-serverside-adapter (1.6.4)
      escape (~> 0.0.4)
      json_pure
    erubis (2.7.0)
    escape (0.0.4)
    exception_notification (2.5.2)
      actionmailer (>= 3.0.4)
    execjs (1.3.0)
      multi_json (~> 1.0)
    factory_girl (3.0.0)
      activesupport (>= 3.0.0)
    factory_girl_rails (3.0.0)
      factory_girl (~> 3.0.0)
      railties (>= 3.0.0)
    ffi (1.0.11)
    formtastic (2.0.2)
      rails (~> 3.0)
    git (1.2.5)
    growl (1.0.3)
    guard (1.0.1)
      ffi (>= 0.5.0)
      thor (~> 0.14.6)
    guard-rspec (0.6.0)
      guard (>= 0.10.0)
    haml (3.1.6)
    highline (1.6.13)
    hike (1.2.1)
    hpricot (0.8.6)
    i18n (0.6.0)
    jquery-rails (1.0.19)
      railties (~> 3.0)
      thor (~> 0.14)
    json (1.6.6)
    json_pure (1.7.3)
    launchy (2.0.5)
      addressable (~> 2.2.6)
    linecache19 (0.5.12)
      ruby_core_source (>= 0.1.4)
    mail (2.3.3)
      i18n (>= 0.4.0)
      mime-types (~> 1.16)
      treetop (~> 1.4.8)
    mime-types (1.18)
    multi_json (1.3.2)
    mysql2 (0.3.11)
    net-ssh (2.2.2)
    nokogiri (1.5.2)
    orm_adapter (0.4.0)
    polyglot (0.3.3)
    rack (1.3.6)
    rack-cache (1.0.3)
      rack (>= 0.4)
    rack-mount (0.8.3)
      rack (>= 1.0.0)
    rack-ssl (1.3.2)
      rack
    rack-test (0.6.1)
      rack (>= 1.0)
    rails (3.1.0)
      actionmailer (= 3.1.0)
      actionpack (= 3.1.0)
      activerecord (= 3.1.0)
      activeresource (= 3.1.0)
      activesupport (= 3.1.0)
      bundler (~> 1.0)
      railties (= 3.1.0)
    rails3-jquery-autocomplete (1.0.7)
      rails (~> 3.0)
    rails_config (0.2.7)
      activesupport (>= 3.0)
    railties (3.1.0)
      actionpack (= 3.1.0)
      activesupport (= 3.1.0)
      rack-ssl (~> 1.3.2)
      rake (>= 0.8.7)
      rdoc (~> 3.4)
      thor (~> 0.14.6)
    rake (0.8.7)
    rdoc (3.12)
      json (~> 1.4)
    remotipart (1.0.2)
    rest-client (1.6.7)
      mime-types (>= 1.16)
    riddle (1.5.2)
    rinku (1.7.0)
    rspec (2.9.0)
      rspec-core (~> 2.9.0)
      rspec-expectations (~> 2.9.0)
      rspec-mocks (~> 2.9.0)
    rspec-core (2.9.0)
    rspec-expectations (2.9.0)
      diff-lcs (~> 1.1.3)
    rspec-mocks (2.9.0)
    rspec-rails (2.9.0)
      actionpack (>= 3.0)
      activesupport (>= 3.0)
      railties (>= 3.0)
      rspec (~> 2.9.0)
    ruby-debug-base19 (0.11.25)
      columnize (>= 0.3.1)
      linecache19 (>= 0.5.11)
      ruby_core_source (>= 0.1.4)
    ruby-debug19 (0.11.6)
      columnize (>= 0.3.1)
      linecache19 (>= 0.5.11)
      ruby-debug-base19 (>= 0.11.19)
    ruby_core_source (0.1.5)
      archive-tar-minitar (>= 0.5.2)
    rubyzip (0.9.6.1)
    sass (3.1.15)
    sass-rails (3.1.6)
      actionpack (~> 3.1.0)
      railties (~> 3.1.0)
      sass (>= 3.1.10)
      tilt (~> 1.3.2)
    selenium-webdriver (2.20.0)
      childprocess (>= 0.2.5)
      ffi (~> 1.0)
      multi_json (~> 1.0)
      rubyzip
    shoulda-matchers (1.0.0)
    sprockets (2.0.3)
      hike (~> 1.2)
      rack (~> 1.0)
      tilt (~> 1.1, != 1.3.0)
    sqlite3 (1.3.5)
    stringex (1.3.3)
    thinking-sphinx (2.0.12)
      activerecord (>= 3.0.3)
      builder (>= 2.1.2)
      riddle (>= 1.5.2)
    thor (0.14.6)
    tilt (1.3.3)
    treetop (1.4.10)
      polyglot
      polyglot (>= 0.3.1)
    truncate_html (0.5.5)
    tzinfo (0.3.33)
    uglifier (1.2.3)
      execjs (>= 0.3.0)
      multi_json (>= 1.0.2)
    video_info (0.3.0)
      hpricot (~> 0.8.4)
    warden (1.2.1)
      rack (>= 1.0)
    will_paginate (3.0.3)
    xpath (0.1.4)
      nokogiri (~> 1.3)
    ym_cms (0.3.1)
      rack-cache
      rails (~> 3.1.0)
      ym_core (~> 0.1.8)
      ym_permalinks (~> 0.1)
      ym_videos (~> 0.1)
    ym_core (0.1.15)
      bootstrap-will_paginate (~> 0.0.6)
      dragonfly (~> 0.9.10)
      formtastic (~> 2.0.2)
      haml
      jquery-rails
      rails (~> 3.1.0)
      rails_config (~> 0.2.6)
      rinku
      truncate_html
      will_paginate (~> 3.0.3)
      yoomee-decent_exposure
    ym_enquiries (0.1)
      rails (~> 3.1.0)
      ym_core (~> 0.1)
    ym_links (0.1)
      cocoon
      rails (~> 3.1.0)
    ym_permalinks (0.1.2)
      rails (~> 3.1.0)
      stringex (~> 1.3.2)
      ym_core (~> 0.1)
    ym_posts (0.1)
      jquery-rails
      rails (~> 3.1.0)
      remotipart (~> 1.0)
      ym_core (~> 0.1)
      ym_tags (~> 0.1)
      ym_users (~> 0.1)
      ym_videos (~> 0.1)
    ym_search (0.1)
      rails (~> 3.1.0)
      thinking-sphinx (~> 2.0.10)
      ym_core
    ym_tags (0.1.2)
      acts-as-taggable-on (~> 2.2.2)
      rails (~> 3.1.0)
      rails3-jquery-autocomplete
    ym_users (0.1.10)
      cancan
      devise (~> 2.1.0)
      rails (~> 3.1.0)
      ym_core (~> 0.1)
    ym_videos (0.1)
      rails (~> 3.1.0)
      video_info
    yoomee-decent_exposure (1.2.1)

PLATFORMS
  ruby

DEPENDENCIES
  capybara
  cocoon
  coffee-rails (~> 3.1.0)
  country-select
  exception_notification
  factory_girl_rails
  formtastic-bootstrap!
  growl
  guard-rspec
  mysql2
  rails (= 3.1.0)
  rake (= 0.8.7)
  rspec-rails
  ruby-debug19
  sass-rails (~> 3.1.0)
  shoulda-matchers
  sqlite3
  uglifier

  ym_cms (~> 0.3.1)
  ym_core (~> 0.1.15)
  ym_enquiries (= 0.1)
  ym_links (= 0.1)
  ym_permalinks (= 0.1.2)
  ym_posts (= 0.1)
  ym_search (= 0.1)
  ym_tags (~> 0.1)
  ym_users (~> 0.1.10)
  ym_videos (= 0.1)

